GEM
  remote: http://rubygems.org/
  specs:
    bcrypt (3.1.7)

PLATFORMS
  ruby

DEPENDENCIES
  bcrypt
